GEM
  remote: https://rubygems.org/
  specs:
    actioncable (6.0.3)
      actionpack (= 6.0.3)
      nio4r (~> 2.0)
      websocket-driver (>= 0.6.1)
    actionmailbox (6.0.3)
      actionpack (= 6.0.3)
      activejob (= 6.0.3)
      activerecord (= 6.0.3)
      activestorage (= 6.0.3)
      activesupport (= 6.0.3)
      mail (>= 2.7.1)
    actionmailer (6.0.3)
      actionpack (= 6.0.3)
      actionview (= 6.0.3)
      activejob (= 6.0.3)
      mail (~> 2.5, >= 2.5.4)
      rails-dom-testing (~> 2.0)
    actionpack (6.0.3)
      actionview (= 6.0.3)
      activesupport (= 6.0.3)
      rack (~> 2.0, >= 2.0.8)
      rack-test (>= 0.6.3)
      rails-dom-testing (~> 2.0)
      rails-html-sanitizer (~> 1.0, >= 1.2.0)
    actiontext (6.0.3)
      actionpack (= 6.0.3)
      activerecord (= 6.0.3)
      activestorage (= 6.0.3)
      activesupport (= 6.0.3)
      nokogiri (>= 1.8.5)
    actionview (6.0.3)
      activesupport (= 6.0.3)
      builder (~> 3.1)
      erubi (~> 1.4)
      rails-dom-testing (~> 2.0)
      rails-html-sanitizer (~> 1.1, >= 1.2.0)
    activejob (6.0.3)
      activesupport (= 6.0.3)
      globalid (>= 0.3.6)
    activemodel (6.0.3)
      activesupport (= 6.0.3)
    activerecord (6.0.3)
      activemodel (= 6.0.3)
      activesupport (= 6.0.3)
    activestorage (6.0.3)
      actionpack (= 6.0.3)
      activejob (= 6.0.3)
      activerecord (= 6.0.3)
      marcel (~> 0.3.1)
    activesupport (6.0.3)
      concurrent-ruby (~> 1.0, >= 1.0.2)
      i18n (>= 0.7, < 2)
      minitest (~> 5.1)
      tzinfo (~> 1.1)
      zeitwerk (~> 2.2, >= 2.2.2)
    acts-as-taggable-on (9.0.1)
      activerecord (>= 6.0, < 7.1)
    addressable (2.8.0)
      public_suffix (>= 2.0.2, < 5.0)
    ast (2.4.2)
    autoprefixer-rails (10.4.2.0)
      execjs (~> 2)
    bindex (0.8.1)
    bootsnap (1.4.5)
      msgpack (~> 1.0)
    bootstrap (4.1.3)
      autoprefixer-rails (>= 6.0.3)
      popper_js (>= 1.12.9, < 2)
      sass (>= 3.5.2)
    builder (3.2.4)
    byebug (11.0.1)
    capybara (3.28.0)
      addressable
      mini_mime (>= 0.1.3)
      nokogiri (~> 1.8)
      rack (>= 1.6.0)
      rack-test (>= 0.6.3)
      regexp_parser (~> 1.5)
      xpath (~> 3.2)
    carrierwave (2.2.0)
      activemodel (>= 5.0.0)
      activesupport (>= 5.0.0)
      addressable (~> 2.6)
      image_processing (~> 1.1)
      mimemagic (>= 0.3.0)
      mini_mime (>= 0.1.3)
      ssrf_filter (~> 1.0)
    childprocess (2.0.0)
      rake (< 13.0)
    concurrent-ruby (1.1.9)
    connection_pool (2.2.5)
    crass (1.0.6)
    database_cleaner-active_record (2.0.1)
      activerecord (>= 5.a)
      database_cleaner-core (~> 2.0.0)
    database_cleaner-core (2.0.1)
    debase (0.2.4.1)
      debase-ruby_core_source (>= 0.10.2)
    debase-ruby_core_source (0.10.14)
    declarative (0.0.20)
    diff-lcs (1.5.0)
    digest-crc (0.6.4)
      rake (>= 12.0.0, < 14.0.0)
    domain_name (0.5.20190701)
      unf (>= 0.0.5, < 1.0.0)
    dotenv (2.7.6)
    dotenv-rails (2.7.6)
      dotenv (= 2.7.6)
      railties (>= 3.2)
    erubi (1.10.0)
    execjs (2.8.1)
    factory_bot (6.2.0)
      activesupport (>= 5.0.0)
    factory_bot_rails (6.2.0)
      factory_bot (~> 6.2.0)
      railties (>= 5.0.0)
    faraday (1.9.3)
      faraday-em_http (~> 1.0)
      faraday-em_synchrony (~> 1.0)
      faraday-excon (~> 1.1)
      faraday-httpclient (~> 1.0)
      faraday-multipart (~> 1.0)
      faraday-net_http (~> 1.0)
      faraday-net_http_persistent (~> 1.0)
      faraday-patron (~> 1.0)
      faraday-rack (~> 1.0)
      faraday-retry (~> 1.0)
      ruby2_keywords (>= 0.0.4)
    faraday-cookie_jar (0.0.7)
      faraday (>= 0.8.0)
      http-cookie (~> 1.0.0)
    faraday-em_http (1.0.0)
    faraday-em_synchrony (1.0.0)
    faraday-encoding (0.0.5)
      faraday
    faraday-excon (1.1.0)
    faraday-http-cache (2.2.0)
      faraday (>= 0.8)
    faraday-httpclient (1.0.1)
    faraday-multipart (1.0.3)
      multipart-post (>= 1.2, < 3)
    faraday-net_http (1.0.1)
    faraday-net_http_persistent (1.2.0)
    faraday-patron (1.0.0)
    faraday-rack (1.0.0)
    faraday-retry (1.0.3)
    faraday_middleware (1.2.0)
      faraday (~> 1.0)
    fastimage (2.2.6)
    ffi (1.15.5)
    gapic-common (0.8.0)
      faraday (~> 1.3)
      google-protobuf (~> 3.14)
      googleapis-common-protos (>= 1.3.11, < 2.a)
      googleapis-common-protos-types (>= 1.0.6, < 2.a)
      googleauth (>= 0.17.0, < 2.a)
      grpc (~> 1.36)
    gems (1.2.0)
    globalid (1.0.0)
      activesupport (>= 5.0)
    google-api-client (0.53.0)
      google-apis-core (~> 0.1)
      google-apis-generator (~> 0.1)
    google-apis-core (0.4.2)
      addressable (~> 2.5, >= 2.5.1)
      googleauth (>= 0.16.2, < 2.a)
      httpclient (>= 2.8.1, < 3.a)
      mini_mime (~> 1.0)
      representable (~> 3.0)
      retriable (>= 2.0, < 4.a)
      rexml
      webrick
    google-apis-discovery_v1 (0.8.0)
      google-apis-core (>= 0.4, < 2.a)
    google-apis-generator (0.4.1)
      activesupport (>= 5.0)
      gems (~> 1.2)
      google-apis-core (>= 0.4, < 2.a)
      google-apis-discovery_v1 (~> 0.5)
      thor (>= 0.20, < 2.a)
    google-apis-iamcredentials_v1 (0.10.0)
      google-apis-core (>= 0.4, < 2.a)
    google-apis-storage_v1 (0.11.0)
      google-apis-core (>= 0.4, < 2.a)
    google-cloud-core (1.6.0)
      google-cloud-env (~> 1.0)
      google-cloud-errors (~> 1.0)
    google-cloud-env (1.5.0)
      faraday (>= 0.17.3, < 2.0)
    google-cloud-errors (1.2.0)
    google-cloud-speech (1.2.3)
      google-cloud-core (~> 1.6)
      google-cloud-speech-v1 (>= 0.0, < 2.a)
      google-cloud-speech-v1p1beta1 (>= 0.0, < 2.a)
    google-cloud-speech-v1 (0.7.1)
      gapic-common (>= 0.7, < 2.a)
      google-cloud-errors (~> 1.0)
    google-cloud-speech-v1p1beta1 (0.12.1)
      gapic-common (>= 0.7, < 2.a)
      google-cloud-errors (~> 1.0)
    google-cloud-storage (1.36.0)
      addressable (~> 2.8)
      digest-crc (~> 0.4)
      google-apis-iamcredentials_v1 (~> 0.1)
      google-apis-storage_v1 (~> 0.1)
      google-cloud-core (~> 1.6)
      googleauth (>= 0.16.2, < 2.a)
      mini_mime (~> 1.0)
    google-protobuf (3.19.4)
    googleapis-common-protos (1.3.12)
      google-protobuf (~> 3.14)
      googleapis-common-protos-types (~> 1.2)
      grpc (~> 1.27)
    googleapis-common-protos-types (1.3.0)
      google-protobuf (~> 3.14)
    googleauth (1.1.0)
      faraday (>= 0.17.3, < 2.0)
      jwt (>= 1.4, < 3.0)
      memoist (~> 0.16)
      multi_json (~> 1.11)
      os (>= 0.9, < 2.0)
      signet (>= 0.16, < 2.a)
    grpc (1.43.1)
      google-protobuf (~> 3.18)
      googleapis-common-protos-types (~> 1.0)
    http-cookie (1.0.4)
      domain_name (~> 0.5)
    http_accept_language (2.1.1)
    httpclient (2.8.3)
    i18n (1.9.1)
      concurrent-ruby (~> 1.0)
    image_processing (1.12.1)
      mini_magick (>= 4.9.5, < 5)
      ruby-vips (>= 2.0.17, < 3)
    jbuilder (2.9.1)
      activesupport (>= 4.2.0)
    jquery-rails (4.4.0)
      rails-dom-testing (>= 1, < 3)
      railties (>= 4.2.0)
      thor (>= 0.14, < 2.0)
    jwt (2.3.0)
    kaminari (1.2.2)
      activesupport (>= 4.1.0)
      kaminari-actionview (= 1.2.2)
      kaminari-activerecord (= 1.2.2)
      kaminari-core (= 1.2.2)
    kaminari-actionview (1.2.2)
      actionview
      kaminari-core (= 1.2.2)
    kaminari-activerecord (1.2.2)
      activerecord
      kaminari-core (= 1.2.2)
    kaminari-core (1.2.2)
    listen (3.1.5)
      rb-fsevent (~> 0.9, >= 0.9.4)
      rb-inotify (~> 0.9, >= 0.9.7)
      ruby_dep (~> 1.2)
    loofah (2.13.0)
      crass (~> 1.0.2)
      nokogiri (>= 1.5.9)
    mail (2.7.1)
      mini_mime (>= 0.1.1)
    marcel (0.3.3)
      mimemagic (~> 0.3.2)
    mechanize (2.8.4)
      addressable (~> 2.8)
      domain_name (~> 0.5, >= 0.5.20190701)
      http-cookie (~> 1.0, >= 1.0.3)
      mime-types (~> 3.0)
      net-http-digest_auth (~> 1.4, >= 1.4.1)
      net-http-persistent (>= 2.5.2, < 5.0.dev)
      nokogiri (~> 1.11, >= 1.11.2)
      rubyntlm (~> 0.6, >= 0.6.3)
      webrick (~> 1.7)
      webrobots (~> 0.1.2)
    memoist (0.16.2)
    meta-tags (2.16.0)
      actionpack (>= 3.2.0, < 7.1)
    metainspector (5.11.2)
      addressable (~> 2.7)
      faraday (~> 1.4)
      faraday-cookie_jar (~> 0.0)
      faraday-encoding (~> 0.0)
      faraday-http-cache (~> 2.2)
      faraday_middleware (~> 1.0)
      fastimage (~> 2.2)
      nesty (~> 1.0)
      nokogiri (~> 1.11)
    method_source (1.0.0)
    mime-types (3.4.1)
      mime-types-data (~> 3.2015)
    mime-types-data (3.2022.0105)
    mimemagic (0.3.10)
      nokogiri (~> 1)
      rake
    mini_magick (4.11.0)
    mini_mime (1.1.2)
    mini_portile2 (2.7.1)
    minitest (5.15.0)
    msgpack (1.4.4)
    multi_json (1.15.0)
    multipart-post (2.1.1)
    mustermann (1.1.1)
      ruby2_keywords (~> 0.0.1)
    nesty (1.0.2)
    net-http-digest_auth (1.4.1)
    net-http-persistent (4.0.1)
      connection_pool (~> 2.2)
    nio4r (2.5.8)
    nokogiri (1.13.1)
      mini_portile2 (~> 2.7.0)
      racc (~> 1.4)
    nokogumbo (2.0.5)
      nokogiri (~> 1.8, >= 1.8.4)
    os (1.1.4)
    parallel (1.21.0)
    parser (3.1.0.0)
      ast (~> 2.4.1)
    pg (1.2.3)
    popper_js (1.16.0)
    public_suffix (4.0.6)
    public_uid (2.1.1)
      activerecord (> 4.2)
    puma (4.3.6)
      nio4r (~> 2.0)
    racc (1.6.0)
    rack (2.2.3)
    rack-protection (2.1.0)
      rack
    rack-proxy (0.7.2)
      rack
    rack-test (1.1.0)
      rack (>= 1.0, < 3)
    rails (6.0.3)
      actioncable (= 6.0.3)
      actionmailbox (= 6.0.3)
      actionmailer (= 6.0.3)
      actionpack (= 6.0.3)
      actiontext (= 6.0.3)
      actionview (= 6.0.3)
      activejob (= 6.0.3)
      activemodel (= 6.0.3)
      activerecord (= 6.0.3)
      activestorage (= 6.0.3)
      activesupport (= 6.0.3)
      bundler (>= 1.3.0)
      railties (= 6.0.3)
      sprockets-rails (>= 2.0.0)
    rails-dom-testing (2.0.3)
      activesupport (>= 4.2.0)
      nokogiri (>= 1.6)
    rails-html-sanitizer (1.4.2)
      loofah (~> 2.3)
    railties (6.0.3)
      actionpack (= 6.0.3)
      activesupport (= 6.0.3)
      method_source
      rake (>= 0.8.7)
      thor (>= 0.20.3, < 2.0)
    rainbow (3.1.1)
    rake (12.3.3)
    rb-fsevent (0.11.0)
    rb-inotify (0.10.1)
      ffi (~> 1.0)
    redis (4.5.1)
    redis-namespace (1.8.1)
      redis (>= 3.0.4)
    regexp_parser (1.8.2)
    representable (3.1.1)
      declarative (< 0.1.0)
      trailblazer-option (>= 0.1.1, < 0.2.0)
      uber (< 0.2.0)
    retriable (3.1.2)
    rexml (3.2.5)
    roo (2.8.3)
      nokogiri (~> 1)
      rubyzip (>= 1.3.0, < 3.0.0)
    rspec-core (3.10.2)
      rspec-support (~> 3.10.0)
    rspec-expectations (3.10.2)
      diff-lcs (>= 1.2.0, < 2.0)
      rspec-support (~> 3.10.0)
    rspec-mocks (3.10.3)
      diff-lcs (>= 1.2.0, < 2.0)
      rspec-support (~> 3.10.0)
    rspec-rails (4.0.2)
      actionpack (>= 4.2)
      activesupport (>= 4.2)
      railties (>= 4.2)
      rspec-core (~> 3.10)
      rspec-expectations (~> 3.10)
      rspec-mocks (~> 3.10)
      rspec-support (~> 3.10)
    rspec-support (3.10.3)
    rubocop (1.25.0)
      parallel (~> 1.10)
      parser (>= 3.1.0.0)
      rainbow (>= 2.2.2, < 4.0)
      regexp_parser (>= 1.8, < 3.0)
      rexml
      rubocop-ast (>= 1.15.1, < 2.0)
      ruby-progressbar (~> 1.7)
      unicode-display_width (>= 1.4.0, < 3.0)
    rubocop-ast (1.15.1)
      parser (>= 3.0.1.1)
    rubocop-rails (2.13.2)
      activesupport (>= 4.2.0)
      rack (>= 1.1)
      rubocop (>= 1.7.0, < 2.0)
    ruby-debug-ide (0.7.3)
      rake (>= 0.8.1)
    ruby-progressbar (1.11.0)
    ruby-vips (2.1.4)
      ffi (~> 1.12)
    ruby2_keywords (0.0.5)
    ruby_dep (1.5.0)
    rubyntlm (0.6.3)
    rubyzip (1.3.0)
    sanitize (5.2.3)
      crass (~> 1.0.2)
      nokogiri (>= 1.8.0)
      nokogumbo (~> 2.0)
    sass (3.7.4)
      sass-listen (~> 4.0.0)
    sass-listen (4.0.0)
      rb-fsevent (~> 0.9, >= 0.9.4)
      rb-inotify (~> 0.9, >= 0.9.7)
    sass-rails (5.1.0)
      railties (>= 5.2.0)
      sass (~> 3.1)
      sprockets (>= 2.8, < 4.0)
      sprockets-rails (>= 2.0, < 4.0)
      tilt (>= 1.1, < 3)
    selenium-webdriver (3.142.4)
      childprocess (>= 0.5, < 3.0)
      rubyzip (~> 1.2, >= 1.2.2)
    sidekiq (6.1.3)
      connection_pool (>= 2.2.2)
      rack (~> 2.0)
      redis (>= 4.2.0)
    sidekiq-failures (1.0.1)
      sidekiq (>= 4.0.0)
    signet (0.16.0)
      addressable (~> 2.8)
      faraday (>= 0.17.3, < 2.0)
      jwt (>= 1.5, < 3.0)
      multi_json (~> 1.10)
    sinatra (2.1.0)
      mustermann (~> 1.0)
      rack (~> 2.2)
      rack-protection (= 2.1.0)
      tilt (~> 2.0)
    spring (2.1.0)
    spring-watcher-listen (2.0.1)
      listen (>= 2.7, < 4.0)
      spring (>= 1.2, < 3.0)
    sprockets (3.7.2)
      concurrent-ruby (~> 1.0)
      rack (> 1, < 3)
    sprockets-rails (3.4.2)
      actionpack (>= 5.2)
      activesupport (>= 5.2)
      sprockets (>= 3.0.0)
    ssrf_filter (1.0.7)
    stripe (5.43.0)
    thor (1.2.1)
    thread_safe (0.3.6)
    tilt (2.0.10)
    trailblazer-option (0.1.2)
    turbolinks (5.2.0)
      turbolinks-source (~> 5.2)
    turbolinks-source (5.2.0)
    tzinfo (1.2.9)
      thread_safe (~> 0.1)
    uber (0.1.0)
    unf (0.1.4)
      unf_ext
    unf_ext (0.0.8)
    unicode-display_width (2.1.0)
    web-console (4.0.1)
      actionview (>= 6.0.0)
      activemodel (>= 6.0.0)
      bindex (>= 0.4.0)
      railties (>= 6.0.0)
    webdrivers (4.1.2)
      nokogiri (~> 1.6)
      rubyzip (~> 1.0)
      selenium-webdriver (>= 3.0, < 4.0)
    webpacker (4.0.7)
      activesupport (>= 4.2)
      rack-proxy (>= 0.6.1)
      railties (>= 4.2)
    webrick (1.7.0)
    webrobots (0.1.2)
    websocket-driver (0.7.5)
      websocket-extensions (>= 0.1.0)
    websocket-extensions (0.1.5)
    xpath (3.2.0)
      nokogiri (~> 1.8)
    zeitwerk (2.5.4)

PLATFORMS
  ruby

DEPENDENCIES
  acts-as-taggable-on (~> 9.0)
  bootsnap (= 1.4.5)
  bootstrap (~> 4.1.1)
  byebug (= 11.0.1)
  capybara (= 3.28.0)
  carrierwave (~> 2.0)
  database_cleaner-active_record
  debase
  dotenv-rails
  factory_bot_rails
  google-api-client (~> 0.11)
  google-cloud-speech
  google-cloud-storage
  http_accept_language
  jbuilder (= 2.9.1)
  jquery-rails
  kaminari
  listen (= 3.1.5)
  mechanize
  meta-tags
  metainspector
  pg (~> 1.2.3)
  public_uid (~> 2.1.1)
  puma (= 4.3.6)
  rails (= 6.0.3)
  redis-namespace (~> 1.8.0)
  roo (~> 2.8.0)
  rspec-rails (~> 4.0.1)
  rubocop
  rubocop-rails
  ruby-debug-ide (~> 0.7.2)
  sanitize (~> 5.2.1)
  sass-rails (= 5.1.0)
  selenium-webdriver (= 3.142.4)
  sidekiq (~> 6.1.2)
  sidekiq-failures
  sinatra
  spring (= 2.1.0)
  spring-watcher-listen (= 2.0.1)
  stripe
  turbolinks (= 5.2.0)
  tzinfo-data
  web-console (= 4.0.1)
  webdrivers (= 4.1.2)
  webpacker (= 4.0.7)

BUNDLED WITH
   2.1.4
